GEM
  remote: https://rubygems.org/
  specs:
    addressable (2.3.8)
    backports (3.6.4)
    css_parser (1.3.6)
      addressable
    daemons (1.2.2)
    eventmachine (1.0.7)
    hpricot (0.8.6)
    htmlentities (4.3.3)
    json (1.8.2)
    multi_json (1.11.0)
    premailer (1.8.4)
      css_parser (>= 1.3.6)
      htmlentities (>= 4.0.0)
    rack (1.6.1)
    rack-protection (1.5.3)
      rack
    rack-test (0.6.3)
      rack (>= 1.0)
    redis (3.2.1)
    sinatra (1.4.6)
      rack (~> 1.4)
      rack-protection (~> 1.4)
      tilt (>= 1.3, < 3)
    sinatra-contrib (1.4.2)
      backports (>= 2.0)
      multi_json
      rack-protection
      rack-test
      sinatra (~> 1.4.0)
      tilt (~> 1.3)
    thin (1.6.3)
      daemons (~> 1.0, >= 1.0.9)
      eventmachine (~> 1.0)
      rack (~> 1.0)
    tilt (1.4.1)

PLATFORMS
  ruby
  x64-mingw32

DEPENDENCIES
  hpricot (= 0.8.6)
  json (= 1.8.2)
  premailer (= 1.8.4)
  redis (= 3.2.1)
  sinatra (= 1.4.6)
  sinatra-contrib (= 1.4.2)
  thin (= 1.6.3)
  tilt (= 1.4.1)
